PATH
  remote: .
  specs:
    dearchiver (0.0.1)

GEM
  remote: https://rubygems.org/
  specs:

PLATFORMS
  ruby

DEPENDENCIES
  dearchiver!
